GEM
  specs:
    rack (1.4.0)

PLATFORMS
  ruby

DEPENDENCIES
  rack
